GIT
  remote: https://github.com/jitingcn/madmin.git
  revision: e33ca3d7ba0dcf68f0949c97ff22d0551beea725
  branch: dev
  specs:
    madmin (1.2.7)
      pagy (>= 3.5)
      rails (>= 6.0.3)

GEM
  remote: https://rubygems.org/
  specs:
    actioncable (7.1.2)
      actionpack (= 7.1.2)
      activesupport (= 7.1.2)
      nio4r (~> 2.0)
      websocket-driver (>= 0.6.1)
      zeitwerk (~> 2.6)
    actionmailbox (7.1.2)
      actionpack (= 7.1.2)
      activejob (= 7.1.2)
      activerecord (= 7.1.2)
      activestorage (= 7.1.2)
      activesupport (= 7.1.2)
      mail (>= 2.7.1)
      net-imap
      net-pop
      net-smtp
    actionmailer (7.1.2)
      actionpack (= 7.1.2)
      actionview (= 7.1.2)
      activejob (= 7.1.2)
      activesupport (= 7.1.2)
      mail (~> 2.5, >= 2.5.4)
      net-imap
      net-pop
      net-smtp
      rails-dom-testing (~> 2.2)
    actionpack (7.1.2)
      actionview (= 7.1.2)
      activesupport (= 7.1.2)
      nokogiri (>= 1.8.5)
      racc
      rack (>= 2.2.4)
      rack-session (>= 1.0.1)
      rack-test (>= 0.6.3)
      rails-dom-testing (~> 2.2)
      rails-html-sanitizer (~> 1.6)
    actiontext (7.1.2)
      actionpack (= 7.1.2)
      activerecord (= 7.1.2)
      activestorage (= 7.1.2)
      activesupport (= 7.1.2)
      globalid (>= 0.6.0)
      nokogiri (>= 1.8.5)
    actionview (7.1.2)
      activesupport (= 7.1.2)
      builder (~> 3.1)
      erubi (~> 1.11)
      rails-dom-testing (~> 2.2)
      rails-html-sanitizer (~> 1.6)
    active_storage_validations (1.0.4)
      activejob (>= 5.2.0)
      activemodel (>= 5.2.0)
      activestorage (>= 5.2.0)
      activesupport (>= 5.2.0)
    activejob (7.1.2)
      activesupport (= 7.1.2)
      globalid (>= 0.3.6)
    activemodel (7.1.2)
      activesupport (= 7.1.2)
    activerecord (7.1.2)
      activemodel (= 7.1.2)
      activesupport (= 7.1.2)
      timeout (>= 0.4.0)
    activestorage (7.1.2)
      actionpack (= 7.1.2)
      activejob (= 7.1.2)
      activerecord (= 7.1.2)
      activesupport (= 7.1.2)
      marcel (~> 1.0)
    activesupport (7.1.2)
      base64
      bigdecimal
      concurrent-ruby (~> 1.0, >= 1.0.2)
      connection_pool (>= 2.2.5)
      drb
      i18n (>= 1.6, < 2)
      minitest (>= 5.1)
      mutex_m
      tzinfo (~> 2.0)
    acts_as_list (1.1.0)
      activerecord (>= 4.2)
    addressable (2.8.5)
      public_suffix (>= 2.0.2, < 6.0)
    audit-log (1.2.0)
      kaminari (>= 0.15)
      rails (>= 5.2)
    base64 (0.2.0)
    bcrypt (3.1.19)
    bigdecimal (3.1.5)
    bootsnap (1.16.0)
      msgpack (~> 1.2)
    builder (3.2.4)
    cable_ready (5.0.1)
      actionpack (>= 5.2)
      actionview (>= 5.2)
      activesupport (>= 5.2)
      railties (>= 5.2)
      thread-local (>= 1.1.0)
    cancancan (3.5.0)
    concurrent-ruby (1.2.2)
    config (4.2.1)
      deep_merge (~> 1.2, >= 1.2.1)
      dry-validation (~> 1.0, >= 1.0.0)
    connection_pool (2.4.1)
    crass (1.0.6)
    date (3.3.4)
    deep_merge (1.2.2)
    devise (4.9.2)
      bcrypt (~> 3.0)
      orm_adapter (~> 0.1)
      railties (>= 4.1.0)
      responders
      warden (~> 1.2.3)
    domain_name (0.5.20190701)
      unf (>= 0.0.5, < 1.0.0)
    drb (2.2.0)
      ruby2_keywords
    dry-cli (1.0.0)
    dry-configurable (1.1.0)
      dry-core (~> 1.0, < 2)
      zeitwerk (~> 2.6)
    dry-core (1.0.1)
      concurrent-ruby (~> 1.0)
      zeitwerk (~> 2.6)
    dry-inflector (1.0.0)
    dry-initializer (3.1.1)
    dry-logic (1.5.0)
      concurrent-ruby (~> 1.0)
      dry-core (~> 1.0, < 2)
      zeitwerk (~> 2.6)
    dry-schema (1.13.3)
      concurrent-ruby (~> 1.0)
      dry-configurable (~> 1.0, >= 1.0.1)
      dry-core (~> 1.0, < 2)
      dry-initializer (~> 3.0)
      dry-logic (>= 1.4, < 2)
      dry-types (>= 1.7, < 2)
      zeitwerk (~> 2.6)
    dry-types (1.7.1)
      concurrent-ruby (~> 1.0)
      dry-core (~> 1.0)
      dry-inflector (~> 1.0)
      dry-logic (~> 1.4)
      zeitwerk (~> 2.6)
    dry-validation (1.10.0)
      concurrent-ruby (~> 1.0)
      dry-core (~> 1.0, < 2)
      dry-initializer (~> 3.0)
      dry-schema (>= 1.12, < 2)
      zeitwerk (~> 2.6)
    erubi (1.12.0)
    et-orbi (1.2.7)
      tzinfo
    excon (0.102.0)
    ffi (1.15.5)
    friendly_id (5.5.0)
      activerecord (>= 4.0.0)
    fugit (1.8.1)
      et-orbi (~> 1, >= 1.2.7)
      raabro (~> 1.4)
    geocoder (1.8.2)
    globalid (1.2.1)
      activesupport (>= 6.1)
    good_job (3.18.2)
      activejob (>= 6.0.0)
      activerecord (>= 6.0.0)
      concurrent-ruby (>= 1.0.2)
      fugit (>= 1.1)
      railties (>= 6.0.0)
      thor (>= 0.14.1)
    hiredis (0.6.3)
    hotwire-rails (0.1.3)
      rails (>= 6.0.0)
      stimulus-rails
      turbo-rails
    http-accept (1.7.0)
    http-cookie (1.0.5)
      domain_name (~> 0.5)
    i18n (1.14.1)
      concurrent-ruby (~> 1.0)
    image_processing (1.12.2)
      mini_magick (>= 4.9.5, < 5)
      ruby-vips (>= 2.0.17, < 3)
    io-console (0.6.0)
    irb (1.9.1)
      rdoc
      reline (>= 0.3.8)
    jbuilder (2.11.5)
      actionview (>= 5.0.0)
      activesupport (>= 5.0.0)
    kaminari (1.2.2)
      activesupport (>= 4.1.0)
      kaminari-actionview (= 1.2.2)
      kaminari-activerecord (= 1.2.2)
      kaminari-core (= 1.2.2)
    kaminari-actionview (1.2.2)
      actionview
      kaminari-core (= 1.2.2)
    kaminari-activerecord (1.2.2)
      activerecord
      kaminari-core (= 1.2.2)
    kaminari-core (1.2.2)
    lograge (0.13.0)
      actionpack (>= 4)
      activesupport (>= 4)
      railties (>= 4)
      request_store (~> 1.0)
    loofah (2.22.0)
      crass (~> 1.0.2)
      nokogiri (>= 1.12.0)
    mail (2.8.1)
      mini_mime (>= 0.1.1)
      net-imap
      net-pop
      net-smtp
    marcel (1.0.2)
    method_source (1.0.0)
    mime-types (3.5.1)
      mime-types-data (~> 3.2015)
    mime-types-data (3.2023.0808)
    mini_magick (4.12.0)
    mini_mime (1.1.5)
    mini_portile2 (2.8.5)
    minitest (5.20.0)
    msgpack (1.7.2)
    mutex_m (0.2.0)
    net-imap (0.4.6)
      date
      net-protocol
    net-pop (0.1.2)
      net-protocol
    net-protocol (0.2.2)
      timeout
    net-smtp (0.4.0)
      net-protocol
    netrc (0.11.0)
    nio4r (2.5.9)
    nokogiri (1.15.5)
      mini_portile2 (~> 2.8.2)
      racc (~> 1.4)
    oj (3.16.1)
    orm_adapter (0.5.0)
    pagy (6.0.4)
    paper_trail (15.0.0)
      activerecord (>= 6.1)
      request_store (~> 1.4)
    pg (1.5.4)
    psych (5.1.1.1)
      stringio
    public_suffix (5.0.3)
    puma (6.3.1)
      nio4r (~> 2.0)
    pundit (2.3.1)
      activesupport (>= 3.0.0)
    raabro (1.4.0)
    racc (1.7.3)
    rack (3.0.8)
    rack-attack (6.7.0)
      rack (>= 1.0, < 4)
    rack-canonical-host (1.2.0)
      addressable (> 0, < 3)
      rack (>= 1, < 4)
    rack-cors (2.0.1)
      rack (>= 2.0.0)
    rack-proxy (0.7.7)
      rack
    rack-session (2.0.0)
      rack (>= 3.0.0)
    rack-test (2.1.0)
      rack (>= 1.3)
    rackup (2.1.0)
      rack (>= 3)
      webrick (~> 1.8)
    rails (7.1.2)
      actioncable (= 7.1.2)
      actionmailbox (= 7.1.2)
      actionmailer (= 7.1.2)
      actionpack (= 7.1.2)
      actiontext (= 7.1.2)
      actionview (= 7.1.2)
      activejob (= 7.1.2)
      activemodel (= 7.1.2)
      activerecord (= 7.1.2)
      activestorage (= 7.1.2)
      activesupport (= 7.1.2)
      bundler (>= 1.15.0)
      railties (= 7.1.2)
    rails-dom-testing (2.2.0)
      activesupport (>= 5.0.0)
      minitest
      nokogiri (>= 1.6)
    rails-html-sanitizer (1.6.0)
      loofah (~> 2.21)
      nokogiri (~> 1.14)
    rails-settings-cached (2.9.2)
      activerecord (>= 5.0.0)
      railties (>= 5.0.0)
    railties (7.1.2)
      actionpack (= 7.1.2)
      activesupport (= 7.1.2)
      irb
      rackup (>= 1.0.0)
      rake (>= 12.2)
      thor (~> 1.0, >= 1.2.2)
      zeitwerk (~> 2.6)
    rake (13.1.0)
    rdoc (6.6.0)
      psych (>= 4.0.0)
    redcarpet (3.6.0)
    redis (5.0.7)
      redis-client (>= 0.9.0)
    redis-client (0.17.0)
      connection_pool
    reline (0.4.0)
      io-console (~> 0.5)
    request_store (1.5.1)
      rack (>= 1.4)
    responders (3.1.0)
      actionpack (>= 5.2)
      railties (>= 5.2)
    rest-client (2.1.0)
      http-accept (>= 1.7.0, < 2.0)
      http-cookie (>= 1.0.2, < 2.0)
      mime-types (>= 1.16, < 4.0)
      netrc (~> 0.8)
    rexml (3.2.6)
    ruby-vips (2.1.4)
      ffi (~> 1.12)
    ruby2_keywords (0.0.5)
    rubyXL (3.4.25)
      nokogiri (>= 1.10.8)
      rubyzip (>= 1.3.0)
    rubyzip (2.3.2)
    sassc (2.4.0)
      ffi (~> 1.9)
    sassc-rails (2.1.2)
      railties (>= 4.0.0)
      sassc (>= 2.0)
      sprockets (> 3.0)
      sprockets-rails
      tilt
    sprockets (4.2.1)
      concurrent-ruby (~> 1.0)
      rack (>= 2.2.4, < 4)
    sprockets-rails (3.4.2)
      actionpack (>= 5.2)
      activesupport (>= 5.2)
      sprockets (>= 3.0.0)
    stimulus-rails (1.2.2)
      railties (>= 6.0.0)
    stimulus_reflex (3.5.0.rc3)
      actioncable (>= 5.2, < 8)
      actionpack (>= 5.2, < 8)
      actionview (>= 5.2, < 8)
      activesupport (>= 5.2, < 8)
      cable_ready (~> 5.0)
      nokogiri (~> 1.0)
      rack (>= 2, < 4)
      railties (>= 5.2, < 8)
      redis (>= 4.0, < 6.0)
    stringio (3.1.0)
    strip_attributes (1.13.0)
      activemodel (>= 3.0, < 8.0)
    tailwindcss-rails (2.0.30)
      railties (>= 6.0.0)
    tailwindcss-rails (2.0.30-x86_64-linux)
      railties (>= 6.0.0)
    thor (1.3.0)
    thread-local (1.1.0)
    tilt (2.2.0)
    timeout (0.4.1)
    turbo-rails (1.4.0)
      actionpack (>= 6.0.0)
      activejob (>= 6.0.0)
      railties (>= 6.0.0)
    tzinfo (2.0.6)
      concurrent-ruby (~> 1.0)
    unf (0.1.4)
      unf_ext
    unf_ext (0.0.8.2)
    view_component (3.5.0)
      activesupport (>= 5.2.0, < 8.0)
      concurrent-ruby (~> 1.0)
      method_source (~> 1.0)
    vite_plugin_legacy (3.0.2)
      vite_ruby (~> 3.0, >= 3.0.4)
    vite_rails (3.0.17)
      railties (>= 5.1, < 8)
      vite_ruby (~> 3.0, >= 3.2.2)
    vite_ruby (3.5.0)
      dry-cli (>= 0.7, < 2)
      rack-proxy (~> 0.6, >= 0.6.1)
      zeitwerk (~> 2.2)
    warden (1.2.9)
      rack (>= 2.0.9)
    webrick (1.8.1)
    websocket-driver (0.7.6)
      websocket-extensions (>= 0.1.0)
    websocket-extensions (0.1.5)
    zeitwerk (2.6.12)

PLATFORMS
  ruby
  x86_64-linux

DEPENDENCIES
  active_storage_validations (~> 1.0)
  acts_as_list
  audit-log (~> 1.1)
  bcrypt (~> 3.1.7)
  bootsnap (>= 1.4.2)
  cable_ready
  cancancan
  config (~> 4.0)
  devise
  excon (~> 0.102.0)
  friendly_id
  geocoder
  good_job (~> 3.0)
  hiredis
  hotwire-rails
  image_processing (~> 1.12)
  jbuilder (~> 2.11)
  lograge
  madmin!
  oj
  pagy
  paper_trail (~> 15.0)
  pg (>= 0.18, < 2.0)
  puma
  pundit (~> 2.1)
  rack-attack
  rack-canonical-host
  rack-cors
  rails (~> 7.1)
  rails-settings-cached (~> 2.8)
  redcarpet
  redis (~> 5.0)
  responders
  rest-client
  rexml (~> 3.2)
  rubyXL (~> 3.4)
  sassc-rails (~> 2.1)
  stimulus_reflex (= 3.5.0.rc3)
  strip_attributes
  tailwindcss-rails
  view_component
  vite_plugin_legacy
  vite_rails (~> 3.0)

CHECKSUMS
  actioncable (7.1.2) sha256=9e7c1bcf5bf57e5bdce846f6281b0ca2aec1ebd0ce1b99b0454194b6e52c7416
  actionmailbox (7.1.2) sha256=b7785621fcda24c518c343f037d17da37065c818ad9d92d2a42c206537a57d51
  actionmailer (7.1.2) sha256=e3ecff2e4fe22ee5133ca4ab1c5284052a91429697f5bae7752992c89a6a6e1e
  actionpack (7.1.2) sha256=eaa2ba517134a7e6495c51e42bfd73424c6c66fbb35f5b6160c7374128341a63
  actiontext (7.1.2) sha256=ba2d42595358b3fe6f79b1ae2840c08c8c134b6417ae3432505ccab446328e34
  actionview (7.1.2) sha256=f540c4360fc94e56e1085b3b4c4916bc5934a6633d5a5ed45014baabaa18b3cb
  active_storage_validations (1.0.4) sha256=f3b4021b9701d70d7c6ba9d869e9c76a437adb6692f4d0c114d66a445130d551
  activejob (7.1.2) sha256=d7867b27fa9bb0435da176d76c4392b92eb677a8e9b7971f1d407daadf5313a1
  activemodel (7.1.2) sha256=34d78721cd47899caea662e2a5b5c84768ebd0670845c691ce4ac769990a6ebf
  activerecord (7.1.2) sha256=7e7305deb74ee4e924815b90b53bdc5fe79fcfb09fb4d8d66a02a581b1f92b34
  activestorage (7.1.2) sha256=42b0f9a9bde084edb4aa045a99413885826262251b6bd5ad9727039b90bcd9ce
  activesupport (7.1.2) sha256=5bd81ef71524a14725ecb6c3b07bfc00ae0ccc77dd611190bd93bd9f92abd0d0
  acts_as_list (1.1.0) sha256=06d4c4de6a1014a58b0eb2c832f51b7593df6ae547199e510a392205c31bab61
  addressable (2.8.5) sha256=63f0fbcde42edf116d6da98a9437f19dd1692152f1efa3fcc4741e443c772117
  audit-log (1.2.0) sha256=0519be578d207ee0cbc208e08ac1d6d49992bfe7d15b0632e81e6a564c53be26
  base64 (0.2.0) sha256=0f25e9b21a02a0cc0cea8ef92b2041035d39350946e8789c562b2d1a3da01507
  bcrypt (3.1.19) sha256=e94fe5cac1c9da5ddced396fb565789f9cdcc477ecbfdf539e3a7acdaa669991
  bigdecimal (3.1.5)
  bootsnap (1.16.0) sha256=f87410c00f69cd84a6e72a6c4bdba733f800d80d934f4315849d18ca9f288fed
  builder (3.2.4) sha256=99caf08af60c8d7f3a6b004029c4c3c0bdaebced6c949165fe98f1db27fbbc10
  cable_ready (5.0.1) sha256=a2b8c6307773ffcc23845b99e67076cfdd644485bd1a7abbb8a40fbdd58605b7
  cancancan (3.5.0) sha256=85fe7777f3c65fb5e55612bd1cacbd52963a981bbc697eefd5ff57edb64bb6c0
  concurrent-ruby (1.2.2) sha256=3879119b8b75e3b62616acc256c64a134d0b0a7a9a3fcba5a233025bcde22c4f
  config (4.2.1) sha256=35b37e72f1204c3683a003b306ef525283fabca7606f3990e7458f8e357caec4
  connection_pool (2.4.1) sha256=0f40cf997091f1f04ff66da67eabd61a9fe0d4928b9a3645228532512fab62f4
  crass (1.0.6) sha256=dc516022a56e7b3b156099abc81b6d2b08ea1ed12676ac7a5657617f012bd45d
  date (3.3.4) sha256=971f2cb66b945bcbea4ddd9c7908c9400b31a71bc316833cb42fa584b59d3291
  deep_merge (1.2.2) sha256=83ced3a3d7f95f67de958d2ce41b1874e83c8d94fe2ddbff50c8b4b82323563a
  devise (4.9.2) sha256=11631a11de2693ed4483f2914938a4ffb3ca05dad6d22b96afee92164c3bed6e
  domain_name (0.5.20190701) sha256=000a600454cb4a344769b2f10b531765ea7bd3a304fe47ed12e5ca1eab969851
  drb (2.2.0) sha256=e9e4af1cded3306cfe37e064a0086e302d5f40df9cb4d161d059a6bb3a75d40f
  dry-cli (1.0.0) sha256=28ead169f872954dd08910eb8ead59cf86cd18b4aab321e8eeefe945749569f0
  dry-configurable (1.1.0) sha256=dd7449cfcde4b1b99ff7ef6da87df273128f19a58c2d97fb6405f97cb22fb7da
  dry-core (1.0.1) sha256=f32f4245e0f54e787f3708584ed8f7545aaf8dd99072e36f169312468ec5450d
  dry-inflector (1.0.0) sha256=6ad22361ca2d6f3f001ae3037ffcfea01163f644280d13a9195d3c3a94dd1626
  dry-initializer (3.1.1) sha256=4d267dea367ccabe498b259c62b909b99d577d6db547d9510561999403546dec
  dry-logic (1.5.0) sha256=99ed2180f1970c3d8247004f277a01dffbe8e82cf6680de9c7209312d86cd416
  dry-schema (1.13.3) sha256=ff0ec847c7986ddb76145f9426ddacaa68c28b170c0f626fb8d30fcb431393e3
  dry-types (1.7.1) sha256=12165841145a18dd22151f143707b90c8093f71e5ae06ee0f2301f5321f8cdb8
  dry-validation (1.10.0) sha256=352afd75629772570f54f03d3e7847ac345e628bf345874d49f1dabacc8ceaac
  erubi (1.12.0) sha256=27bedb74dfb1e04ff60674975e182d8ca787f2224f2e8143268c7696f42e4723
  et-orbi (1.2.7) sha256=3b693d47f94a4060ccc07e60adda488759b1e8b9228a633ebbad842dfc245fb4
  excon (0.102.0) sha256=8f68ccbdc1f8ede6ec76fc4361fd188047138d9e2dc51e7f3d7ca7df94f77355
  ffi (1.15.5) sha256=6f2ed2fa68047962d6072b964420cba91d82ce6fa8ee251950c17fca6af3c2a0
  friendly_id (5.5.0) sha256=796ebccdef1cb1a3ad94f9540670aa6eb9a73626048bc30c2fc92c99f8540046
  fugit (1.8.1) sha256=18ffb26813869610f71bb0b7d568c3624d2b3025aeebb6600a18df0c77a6a2b2
  geocoder (1.8.2) sha256=4cba205c9ac2367465742eb9f2d2479389392e3b8dabe9d183082330b0c71488
  globalid (1.2.1) sha256=70bf76711871f843dbba72beb8613229a49429d1866828476f9c9d6ccc327ce9
  good_job (3.18.2) sha256=df44bdcafe98d056115f1260346e208f33cd2a27f339f014f6a7ec68268d3e1c
  hiredis (0.6.3) sha256=7f052e320f7d24b5c2a9fdf67c6ff6facdf6e256394a703511bce34ecf445212
  hotwire-rails (0.1.3) sha256=a4ed7b6bab50f91ce5a3bfaf1c721e6cef8a9ec8f6974c290e2862a280d08d8d
  http-accept (1.7.0) sha256=c626860682bfbb3b46462f8c39cd470fd7b0584f61b3cc9df5b2e9eb9972a126
  http-cookie (1.0.5) sha256=73756d46c7dbdc7023deecdb8a171348ea95a1b99810b31cfe8b4fb4e9a6318f
  i18n (1.14.1) sha256=9d03698903547c060928e70a9bc8b6b87fda674453cda918fc7ab80235ae4a61
  image_processing (1.12.2) sha256=d3b9e9c5a1cc2607a5214cc28b90d317a03bdd06239584c97535dd73e46f62b8
  io-console (0.6.0) sha256=ce9d9a3455be48c56cac65b8ef7ec59b07526343905f9fda138791005b563336
  irb (1.9.1) sha256=8910a1cf5df7b80b744d762371d582130fdea72e4834e48875caa9a58b9af72a
  jbuilder (2.11.5) sha256=ea6234b334f4afc9205eaa136729da2904731ca01ff05d4db3173b70ebeba8c0
  kaminari (1.2.2) sha256=c4076ff9adccc6109408333f87b5c4abbda5e39dc464bd4c66d06d9f73442a3e
  kaminari-actionview (1.2.2) sha256=1330f6fc8b59a4a4ef6a549ff8a224797289ebf7a3a503e8c1652535287cc909
  kaminari-activerecord (1.2.2) sha256=0dd3a67bab356a356f36b3b7236bcb81cef313095365befe8e98057dd2472430
  kaminari-core (1.2.2) sha256=3bd26fec7370645af40ca73b9426a448d09b8a8ba7afa9ba3c3e0d39cdbb83ff
  lograge (0.13.0) sha256=7132a460868406253f042bee8ecbfa0ca484dc27c47d827342abc6bf5ae16d06
  loofah (2.22.0) sha256=10d76e070c86b12fec74b6a9515fd1940f4459198b991342d0a7897d86c372fe
  madmin (1.2.7)
  mail (2.8.1) sha256=ec3b9fadcf2b3755c78785cb17bc9a0ca9ee9857108a64b6f5cfc9c0b5bfc9ad
  marcel (1.0.2) sha256=a013b677ef46cbcb49fd5c59b3d35803d2ee04dd75d8bfdc43533fc5a31f7e4e
  method_source (1.0.0) sha256=d779455a2b5666a079ce58577bfad8534f571af7cec8107f4dce328f0981dede
  mime-types (3.5.1) sha256=85d772fb6cf21f999ac8085998192fb9dd5d16e86ec4c69c5e79ac3003420d61
  mime-types-data (3.2023.0808) sha256=aad85663d2607e1f4b84e4b6aacff78ba3733bb958ee93189205e63f4f8ded9f
  mini_magick (4.12.0) sha256=67302fa84e63f1002b71416a8466968ed0f33d22f5d42962a0c09a9f1c3a906a
  mini_mime (1.1.5) sha256=8681b7e2e4215f2a159f9400b5816d85e9d8c6c6b491e96a12797e798f8bccef
  mini_portile2 (2.8.5) sha256=7a37db8ae758086c3c3ac3a59c036704d331e965d5e106635e4a42d6e66089ce
  minitest (5.20.0) sha256=a3faf26a757ced073aaae0bd10481340f53e221a4f50d8a6033591555374752e
  msgpack (1.7.2) sha256=59ab62fd8a4d0dfbde45009f87eb6f158ab2628a7c48886b0256f175166baaa8
  mutex_m (0.2.0) sha256=b6ef0c6c842ede846f2ec0ade9e266b1a9dac0bc151682b04835e8ebd54840d5
  net-imap (0.4.6) sha256=31975db12d9f7979338ad29934ded585a1fdc881b096dc72b35596a563281a3e
  net-pop (0.1.2) sha256=848b4e982013c15b2f0382792268763b748cce91c9e91e36b0f27ed26420dff3
  net-protocol (0.2.2) sha256=aa73e0cba6a125369de9837b8d8ef82a61849360eba0521900e2c3713aa162a8
  net-smtp (0.4.0) sha256=2d7eb8de289ba8dce3f0d436ee40b9366bea28354c5ba183c8ab2ec05139a3e7
  netrc (0.11.0) sha256=de1ce33da8c99ab1d97871726cba75151113f117146becbe45aa85cb3dabee3f
  nio4r (2.5.9) sha256=0e9d160662fd38d5a26cfe75308f32dfebe4c0523bceaa86873838c93f3a2971
  nokogiri (1.15.5) sha256=22448ca35dbcbdcec60dbe25ccf452b685a5436c28f21b2fec2e20917aba9100
  oj (3.16.1) sha256=f67481720cead3f2a0414e45d5a8a22725cdedfd7bb297beaf7324104dd39b54
  orm_adapter (0.5.0) sha256=aa5d0be5d540cbb46d3a93e88061f4ece6a25f6e97d6a47122beb84fe595e9b9
  pagy (6.0.4) sha256=7fdf7222b4220435aeae2fe59a0257f920450fc9d565e0f494d149741934731b
  paper_trail (15.0.0) sha256=2393c2e41ed81b4d3109fe8fb1b3634d11372c0d47c9fdff7b19d52d71be5bec
  pg (1.5.4) sha256=04f7b247151c639a0b955d8e5a9a41541343f4640aa3c2bdf749a872c339d25d
  psych (5.1.1.1) sha256=44b0d1823629ac815f1f470af642dc7261489d67feb622a3f5573aa9f5cc5f72
  public_suffix (5.0.3) sha256=337d475da2bd2ea1de0446751cb972ad43243b4b00aa8cf91cb904fa593d3259
  puma (6.3.1) sha256=ec989c775f88f5cbea0c7178b94ed9ff44797241f9245d353d1774a845e78df4
  pundit (2.3.1) sha256=5c62a2e7c65278828d51fb921a3e608472a262a39a046d53d0e78588a556b181
  raabro (1.4.0) sha256=d4fa9ff5172391edb92b242eed8be802d1934b1464061ae5e70d80962c5da882
  racc (1.7.3) sha256=b785ab8a30ec43bce073c51dbbe791fd27000f68d1c996c95da98bf685316905
  rack (3.0.8) sha256=9c2c912fb7bb367ddeea98193fc51f2aa526733066d0846911aaddb13a457248
  rack-attack (6.7.0) sha256=3ca47e8f66cd33b2c96af53ea4754525cd928ed3fa8da10ee6dad0277791d77c
  rack-canonical-host (1.2.0) sha256=86f760bcb854f0fc367d9e48626e39e6cd53ee8cdd58cf8a96b28b5ed0bd5b7c
  rack-cors (2.0.1) sha256=bcc66bdf5c6a4af05d571c4d01d35ac4a873552ba4f86c05fbe39365c39b9b0a
  rack-proxy (0.7.7) sha256=446a4b57001022145d5c3ba73b775f66a2260eaf7420c6907483141900395c8a
  rack-session (2.0.0) sha256=db04b2063e180369192a9046b4559af311990af38c6a93d4c600cee4eb6d4e81
  rack-test (2.1.0) sha256=0c61fc61904049d691922ea4bb99e28004ed3f43aa5cfd495024cc345f125dfb
  rackup (2.1.0) sha256=6ecb884a581990332e45ee17bdfdc14ccbee46c2f710ae1566019907869a6c4d
  rails (7.1.2) sha256=e0a5c335f02356ed3fa0fc2d28718a2541505119ac30d91002bdbf4786db3eeb
  rails-dom-testing (2.2.0) sha256=e515712e48df1f687a1d7c380fd7b07b8558faa26464474da64183a7426fa93b
  rails-html-sanitizer (1.6.0) sha256=86e9f19d2e6748890dcc2633c8945ca45baa08a1df9d8c215ce17b3b0afaa4de
  rails-settings-cached (2.9.2) sha256=8cbe895ce3aa10c843034eab4dd9d00331607167151d649b987376813458d66b
  railties (7.1.2) sha256=f0394dc4ff065aafe6c87103ad3188a54268d811cb1549e4ac8bc56f71581858
  rake (13.1.0) sha256=be6a3e1aa7f66e6c65fa57555234eb75ce4cf4ada077658449207205474199c6
  rdoc (6.6.0) sha256=10bff3fb916454ad47afa2b2471b2154896ff65bb808b616f221d22da67dd3de
  redcarpet (3.6.0) sha256=8ad1889c0355ff4c47174af14edd06d62f45a326da1da6e8a121d59bdcd2e9e9
  redis (5.0.7) sha256=dcf1c03aaa28e13c96dd625ea5c98ce85573d2d9a5ae998d140eb803dfc71803
  redis-client (0.17.0) sha256=b577be5db2182465f889ecb8b9c102656f990e83d82f129fd836336bffa07658
  reline (0.4.0) sha256=234c1d03d90a0950193f1e5d6593b1dec5de4d9ab4dad746340a05dab0e5be1d
  request_store (1.5.1) sha256=07a204d161590789f2b1d27f9f0eadcdecd6d868cb2f03240250e1bc747df78e
  responders (3.1.0) sha256=3d7b3a40b74f7968a5d6c8c9ec8b0cdd022f39951160d89f003fe73b67053a55
  rest-client (2.1.0) sha256=35a6400bdb14fae28596618e312776c158f7ebbb0ccad752ff4fa142bf2747e3
  rexml (3.2.6) sha256=e0669a2d4e9f109951cb1fde723d8acd285425d81594a2ea929304af50282816
  ruby-vips (2.1.4) sha256=ef3c08c11c18141ff1efc09f780b96da9c357cb2f98832f1d029670348bfffa6
  ruby2_keywords (0.0.5) sha256=ffd13740c573b7301cf7a2e61fc857b2a8e3d3aff32545d6f8300d8bae10e3ef
  rubyXL (3.4.25) sha256=4f1a1b662dfe05271707e09d22f93d4d6645b82329959e7e333c05b46f6af490
  rubyzip (2.3.2) sha256=3f57e3935dc2255c414484fbf8d673b4909d8a6a57007ed754dde39342d2373f
  sassc (2.4.0) sha256=4c60a2b0a3b36685c83b80d5789401c2f678c1652e3288315a1551d811d9f83e
  sassc-rails (2.1.2) sha256=5f4fdf3881fc9bdc8e856ffbd9850d70a2878866feae8114aa45996179952db5
  sprockets (4.2.1) sha256=951b13dd2f2fcae840a7184722689a803e0ff9d2702d902bd844b196da773f97
  sprockets-rails (3.4.2) sha256=36d6327757ccf7460a00d1d52b2d5ef0019a4670503046a129fa1fb1300931ad
  stimulus-rails (1.2.2) sha256=dee9f9f9552758bf2ebc56157f31b90ef493493f401670c1af327714e9aa4d24
  stimulus_reflex (3.5.0.rc3) sha256=939c02108ba5a8fa29a835a06ad3e5d7862157b6794b355401fc082e3e960fa6
  stringio (3.1.0)
  strip_attributes (1.13.0) sha256=6dbace5aed3c4194290dbbbadbba68310145a43a36e75d7e74b20b26206312f2
  tailwindcss-rails (2.0.30) sha256=04a177c9015819640eef50083f886fb1bbe2e62362b691e1d906c56130f5484d
  tailwindcss-rails (2.0.30-x86_64-linux) sha256=b70988749d1001b6710b37efc155ae2f63a9d10efa37a6416eeaf10e453b8b6c
  thor (1.3.0) sha256=1adc7f9e5b3655a68c71393fee8bd0ad088d14ee8e83a0b73726f23cbb3ca7c3
  thread-local (1.1.0) sha256=2fb568d31f0ef278063f45a3923c5ed62ee5c33da8134103bc7d2ecdb87bd2e7
  tilt (2.2.0) sha256=e76f850e611128a87992bb13ba74807624a9b8ec748e2c2ea7139580f67ab22e
  timeout (0.4.1) sha256=6f1f4edd4bca28cffa59501733a94215407c6960bd2107331f0280d4abdebb9a
  turbo-rails (1.4.0) sha256=108f2bf0245babfac286301759f80bfc92fbb5db902610cbf7becf911f8ea36e
  tzinfo (2.0.6) sha256=8daf828cc77bcf7d63b0e3bdb6caa47e2272dcfaf4fbfe46f8c3a9df087a829b
  unf (0.1.4) sha256=4999517a531f2a955750f8831941891f6158498ec9b6cb1c81ce89388e63022e
  unf_ext (0.0.8.2) sha256=90b9623ee359cc4878461c5d2eab7d3d3ce5801a680a9e7ac83b8040c5b742fa
  view_component (3.5.0) sha256=c3e3cdf5abb2383157684d76cfb153d23bfc9834a7defa82441edab54635e8af
  vite_plugin_legacy (3.0.2) sha256=34f27c77304b54793b27f8a2108ed3eaaebdc89e095f0272de6d4a93bcdc53e5
  vite_rails (3.0.17) sha256=b90e85a3e55802981cbdb43a4101d944b1e7055bfe85599d9cb7de0f1ea58bcc
  vite_ruby (3.5.0) sha256=a3e5da3fdd816f831cb1530c4001a790aac862c89f74c09f48d5a3cfed3dea73
  warden (1.2.9) sha256=46684f885d35a69dbb883deabf85a222c8e427a957804719e143005df7a1efd0
  webrick (1.8.1) sha256=19411ec6912911fd3df13559110127ea2badd0c035f7762873f58afc803e158f
  websocket-driver (0.7.6) sha256=f69400be7bc197879726ad8e6f5869a61823147372fd8928836a53c2c741d0db
  websocket-extensions (0.1.5) sha256=1c6ba63092cda343eb53fc657110c71c754c56484aad42578495227d717a8241
  zeitwerk (2.6.12) sha256=561e12975d0332fd3b62cc859aff3bab432e5f320689c8a10cd4674b5c0439be

RUBY VERSION
   ruby 3.0.0p0

BUNDLED WITH
   2.5.0.dev
